PATH
  remote: .
  specs:
    enhanced_ssh_transport (0.0.0)
      test-kitchen (~> 1.4, >= 1.4.1)

GEM
  remote: https://rubygems.org/
  specs:
    mixlib-shellout (2.1.0)
    net-scp (1.2.1)
      net-ssh (>= 2.6.5)
    net-ssh (2.9.2)
    safe_yaml (1.0.4)
    test-kitchen (1.4.2)
      mixlib-shellout (>= 1.2, < 3.0)
      net-scp (~> 1.1)
      net-ssh (~> 2.7, < 2.10)
      safe_yaml (~> 1.0)
      thor (~> 0.18)
    thor (0.19.1)

PLATFORMS
  ruby

DEPENDENCIES
  enhanced_ssh_transport!
